GIT
  remote: https://github.com/inkstak/activejob-status.git
  revision: 57b411f973debda8dc9ee17710196d9c015c87f1
  specs:
    activejob-status (0.1.6)
      activejob (>= 4.2)
      activesupport (>= 4.2)

GEM
  remote: https://rubygems.org/
  specs:
    action_policy (0.4.3)
    actioncable (6.0.3.2)
      actionpack (= 6.0.3.2)
      nio4r (~> 2.0)
      websocket-driver (>= 0.6.1)
    actionmailbox (6.0.3.2)
      actionpack (= 6.0.3.2)
      activejob (= 6.0.3.2)
      activerecord (= 6.0.3.2)
      activestorage (= 6.0.3.2)
      activesupport (= 6.0.3.2)
      mail (>= 2.7.1)
    actionmailer (6.0.3.2)
      actionpack (= 6.0.3.2)
      actionview (= 6.0.3.2)
      activejob (= 6.0.3.2)
      mail (~> 2.5, >= 2.5.4)
      rails-dom-testing (~> 2.0)
    actionpack (6.0.3.2)
      actionview (= 6.0.3.2)
      activesupport (= 6.0.3.2)
      rack (~> 2.0, >= 2.0.8)
      rack-test (>= 0.6.3)
      rails-dom-testing (~> 2.0)
      rails-html-sanitizer (~> 1.0, >= 1.2.0)
    actiontext (6.0.3.2)
      actionpack (= 6.0.3.2)
      activerecord (= 6.0.3.2)
      activestorage (= 6.0.3.2)
      activesupport (= 6.0.3.2)
      nokogiri (>= 1.8.5)
    actionview (6.0.3.2)
      activesupport (= 6.0.3.2)
      builder (~> 3.1)
      erubi (~> 1.4)
      rails-dom-testing (~> 2.0)
      rails-html-sanitizer (~> 1.1, >= 1.2.0)
    activejob (6.0.3.2)
      activesupport (= 6.0.3.2)
      globalid (>= 0.3.6)
    activemodel (6.0.3.2)
      activesupport (= 6.0.3.2)
    activemodel-serializers-xml (1.0.2)
      activemodel (> 5.x)
      activesupport (> 5.x)
      builder (~> 3.1)
    activerecord (6.0.3.2)
      activemodel (= 6.0.3.2)
      activesupport (= 6.0.3.2)
    activerecord-import (1.0.6)
      activerecord (>= 3.2)
    activerecord-session_store (1.1.3)
      actionpack (>= 4.0)
      activerecord (>= 4.0)
      multi_json (~> 1.11, >= 1.11.2)
      rack (>= 1.5.2, < 3)
      railties (>= 4.0)
    activestorage (6.0.3.2)
      actionpack (= 6.0.3.2)
      activejob (= 6.0.3.2)
      activerecord (= 6.0.3.2)
      marcel (~> 0.3.1)
    activesupport (6.0.3.2)
      concurrent-ruby (~> 1.0, >= 1.0.2)
      i18n (>= 0.7, < 2)
      minitest (~> 5.1)
      tzinfo (~> 1.1)
      zeitwerk (~> 2.2, >= 2.2.2)
    ast (2.4.1)
    autoprefixer-rails (9.8.6.1)
      execjs
    awesome_print (1.8.0)
    better_errors (2.7.1)
      coderay (>= 1.0.0)
      erubi (>= 1.0.0)
      rack (>= 0.9.0)
    binding_of_caller (0.8.0)
      debug_inspector (>= 0.0.1)
    bootsnap (1.4.6)
      msgpack (~> 1.0)
    brakeman (4.8.2)
    builder (3.2.4)
    bullet (6.1.0)
      activesupport (>= 3.0.0)
      uniform_notifier (~> 1.11)
    byebug (11.1.3)
    choice (0.2.0)
    chunky_png (1.3.11)
    coderay (1.1.3)
    combine_pdf (1.0.16)
      ruby-rc4 (>= 0.1.5)
    concurrent-ruby (1.1.6)
    cookies_eu (1.7.6)
      js_cookie_rails (~> 2.2.0)
    coveralls (0.7.1)
      multi_json (~> 1.3)
      rest-client
      simplecov (>= 0.7)
      term-ansicolor
      thor
    crass (1.0.6)
    debug_inspector (0.0.3)
    descriptive_statistics (2.5.1)
    diff-lcs (1.3)
    docile (1.3.2)
    domain_name (0.5.20190701)
      unf (>= 0.0.5, < 1.0.0)
    erubi (1.9.0)
    execjs (2.7.0)
    factory_bot (6.1.0)
      activesupport (>= 5.0.0)
    factory_bot_rails (6.1.0)
      factory_bot (~> 6.1.0)
      railties (>= 5.0.0)
    faker (2.13.0)
      i18n (>= 1.6, < 2)
    ffi (1.11.1)
    fuubar (2.5.0)
      rspec-core (~> 3.0)
      ruby-progressbar (~> 1.4)
    globalid (0.4.2)
      activesupport (>= 4.2.0)
    highline (2.0.3)
    histogram (0.2.4.1)
    http-accept (1.7.0)
    http-cookie (1.0.3)
      domain_name (~> 0.5)
    i18n (1.8.3)
      concurrent-ruby (~> 1.0)
    i18n-js (3.7.1)
      i18n (>= 0.6.6)
    i18n-tasks (0.9.31)
      activesupport (>= 4.0.2)
      ast (>= 2.1.0)
      erubi
      highline (>= 2.0.0)
      i18n
      parser (>= 2.2.3.0)
      rails-i18n
      rainbow (>= 2.2.2, < 4.0)
      terminal-table (>= 1.5.1)
    js-routes (1.4.9)
      railties (>= 4)
      sprockets-rails
    js_cookie_rails (2.2.0)
      railties (>= 3.1)
    json (2.3.1)
    kgio (2.11.3)
    libv8 (7.3.492.27.1)
    loofah (2.6.0)
      crass (~> 1.0.2)
      nokogiri (>= 1.5.9)
    machinist (2.0)
    mail (2.7.1)
      mini_mime (>= 0.1.1)
    marcel (0.3.3)
      mimemagic (~> 0.3.2)
    method_source (1.0.0)
    mime-types (3.3.1)
      mime-types-data (~> 3.2015)
    mime-types-data (3.2019.1009)
    mimemagic (0.3.5)
    mini_mime (1.0.2)
    mini_portile2 (2.4.0)
    minitest (5.14.1)
    mono_logger (1.1.0)
    msgpack (1.3.3)
    multi_json (1.13.1)
    mustermann (1.0.3)
    mysql2 (0.5.3)
    net-ssh (6.1.0)
    netrc (0.11.0)
    nio4r (2.5.2)
    nokogiri (1.10.10)
      mini_portile2 (~> 2.4.0)
    parallel (1.19.2)
    parser (2.7.1.4)
      ast (~> 2.4.1)
    pdf-core (0.7.0)
    pg (1.2.3)
    pluck_to_hash (1.0.2)
      activerecord (>= 4.0.2)
      activesupport (>= 4.0.2)
    prawn (2.2.2)
      pdf-core (~> 0.7.0)
      ttfunk (~> 1.5)
    prawn-qrcode (0.5.1)
      prawn (>= 1)
      rqrcode (>= 1.0.0)
    puma (4.3.5)
      nio4r (~> 2.0)
    rack (2.2.3)
    rack-protection (2.0.4)
      rack
    rack-proxy (0.6.5)
      rack
    rack-test (1.1.0)
      rack (>= 1.0, < 3)
    railroady (1.5.3)
    rails (6.0.3.2)
      actioncable (= 6.0.3.2)
      actionmailbox (= 6.0.3.2)
      actionmailer (= 6.0.3.2)
      actionpack (= 6.0.3.2)
      actiontext (= 6.0.3.2)
      actionview (= 6.0.3.2)
      activejob (= 6.0.3.2)
      activemodel (= 6.0.3.2)
      activerecord (= 6.0.3.2)
      activestorage (= 6.0.3.2)
      activesupport (= 6.0.3.2)
      bundler (>= 1.3.0)
      railties (= 6.0.3.2)
      sprockets-rails (>= 2.0.0)
    rails-controller-testing (1.0.5)
      actionpack (>= 5.0.1.rc1)
      actionview (>= 5.0.1.rc1)
      activesupport (>= 5.0.1.rc1)
    rails-dom-testing (2.0.3)
      activesupport (>= 4.2.0)
      nokogiri (>= 1.6)
    rails-erd (1.6.0)
      activerecord (>= 4.2)
      activesupport (>= 4.2)
      choice (~> 0.2.0)
      ruby-graphviz (~> 1.2)
    rails-html-sanitizer (1.3.0)
      loofah (~> 2.3)
    rails-i18n (6.0.0)
      i18n (>= 0.7, < 2)
      railties (>= 6.0.0, < 7)
    railties (6.0.3.2)
      actionpack (= 6.0.3.2)
      activesupport (= 6.0.3.2)
      method_source
      rake (>= 0.8.7)
      thor (>= 0.20.3, < 2.0)
    rainbow (3.0.0)
    raindrops (0.19.1)
    rake (13.0.1)
    rdoc (6.2.1)
    redcarpet (3.5.0)
    redis (4.0.3)
    redis-namespace (1.6.0)
      redis (>= 3.0.4)
    regexp_parser (1.7.1)
    responders (3.0.1)
      actionpack (>= 5.0)
      railties (>= 5.0)
    resque (2.0.0)
      mono_logger (~> 1.0)
      multi_json (~> 1.0)
      redis-namespace (~> 1.6)
      sinatra (>= 0.9.2)
      vegas (~> 0.1.2)
    rest-client (2.1.0)
      http-accept (>= 1.7.0, < 2.0)
      http-cookie (>= 1.0.2, < 2.0)
      mime-types (>= 1.16, < 4.0)
      netrc (~> 0.8)
    rexml (3.2.4)
    rmagick (2.16.0)
    rqrcode (1.1.2)
      chunky_png (~> 1.0)
      rqrcode_core (~> 0.1)
    rqrcode_core (0.1.1)
    rspec-core (3.9.2)
      rspec-support (~> 3.9.3)
    rspec-expectations (3.9.2)
      diff-lcs (>= 1.2.0, < 2.0)
      rspec-support (~> 3.9.0)
    rspec-mocks (3.9.1)
      diff-lcs (>= 1.2.0, < 2.0)
      rspec-support (~> 3.9.0)
    rspec-rails (4.0.1)
      actionpack (>= 4.2)
      activesupport (>= 4.2)
      railties (>= 4.2)
      rspec-core (~> 3.9)
      rspec-expectations (~> 3.9)
      rspec-mocks (~> 3.9)
      rspec-support (~> 3.9)
    rspec-support (3.9.3)
    rubocop (0.88.0)
      parallel (~> 1.10)
      parser (>= 2.7.1.1)
      rainbow (>= 2.2.2, < 4.0)
      regexp_parser (>= 1.7)
      rexml
      rubocop-ast (>= 0.1.0, < 1.0)
      ruby-progressbar (~> 1.7)
      unicode-display_width (>= 1.4.0, < 2.0)
    rubocop-ast (0.2.0)
      parser (>= 2.7.0.1)
    rubocop-git (0.1.3)
      rubocop (>= 0.24.1)
    rubocop-performance (1.7.1)
      rubocop (>= 0.82.0)
    ruby-graphviz (1.2.4)
    ruby-progressbar (1.10.1)
    ruby-rc4 (0.1.5)
    rubyzip (2.3.0)
    rugged (1.0.1)
    sass-rails (6.0.0)
      sassc-rails (~> 2.1, >= 2.1.1)
    sassc (2.1.0)
      ffi (~> 1.9)
    sassc-rails (2.1.2)
      railties (>= 4.0.0)
      sassc (>= 2.0)
      sprockets (> 3.0)
      sprockets-rails
      tilt
    semantic_range (2.3.0)
    shoulda (3.6.0)
      shoulda-context (~> 1.0, >= 1.0.1)
      shoulda-matchers (~> 3.0)
    shoulda-callback-matchers (1.1.4)
      activesupport (>= 3)
    shoulda-context (1.2.2)
    shoulda-matchers (3.1.2)
      activesupport (>= 4.0.0)
    simplecov (0.17.1)
      docile (~> 1.1)
      json (>= 1.8, < 3)
      simplecov-html (~> 0.10.0)
    simplecov-html (0.10.2)
    sinatra (2.0.4)
      mustermann (~> 1.0)
      rack (~> 2.0)
      rack-protection (= 2.0.4)
      tilt (~> 2.0)
    sprockets (4.0.0)
      concurrent-ruby (~> 1.0)
      rack (> 1, < 3)
    sprockets-rails (3.2.1)
      actionpack (>= 4.0)
      activesupport (>= 4.0)
      sprockets (>= 3.0.0)
    sqlite3 (1.4.2)
    term-ansicolor (1.7.1)
      tins (~> 1.0)
    terminal-table (1.8.0)
      unicode-display_width (~> 1.1, >= 1.1.1)
    thor (1.0.1)
    thread_safe (0.3.6)
    tilt (2.0.9)
    time-warp (1.0.15)
    tins (1.22.2)
    ttfunk (1.5.1)
    tzinfo (1.2.7)
      thread_safe (~> 0.1)
    uglifier (4.2.0)
      execjs (>= 0.3.0, < 3)
    unf (0.1.4)
      unf_ext
    unf_ext (0.0.7.6)
    unicode-display_width (1.7.0)
    unicorn (5.6.0)
      kgio (~> 2.6)
      raindrops (~> 0.7)
    uniform_notifier (1.13.0)
    vegas (0.1.11)
      rack (>= 1.0.0)
    webpacker (5.1.1)
      activesupport (>= 5.2)
      rack-proxy (>= 0.6.1)
      railties (>= 5.2)
      semantic_range (>= 2.3.0)
    websocket-driver (0.7.2)
      websocket-extensions (>= 0.1.0)
    websocket-extensions (0.1.5)
    zeitwerk (2.4.0)
    zxing_cpp (0.1.1)
      ffi (~> 1.1)
      rmagick (~> 2.13)

PLATFORMS
  ruby

DEPENDENCIES
  action_policy
  activejob-status!
  activemodel-serializers-xml
  activerecord-import
  activerecord-session_store
  autoprefixer-rails
  awesome_print
  better_errors
  binding_of_caller
  bootsnap
  brakeman
  bullet
  byebug
  combine_pdf
  cookies_eu
  coveralls
  descriptive_statistics
  factory_bot_rails
  faker
  fuubar
  histogram
  i18n
  i18n-js
  i18n-tasks
  js-routes
  json
  libv8
  machinist (< 3)
  mini_mime
  mysql2
  net-ssh
  pg
  pluck_to_hash
  prawn
  prawn-qrcode
  puma
  railroady
  rails (~> 6.0.3)
  rails-controller-testing
  rails-erd
  rails-html-sanitizer
  rails-i18n (~> 6.0.0)
  rdoc
  redcarpet
  responders
  resque
  rmagick
  rspec-rails (~> 4.0.1)
  rubocop
  rubocop-git
  rubocop-performance
  rubyzip
  rugged
  sass-rails
  shoulda
  shoulda-callback-matchers (~> 1.1.1)
  simplecov
  sprockets
  sqlite3
  time-warp
  uglifier
  unicorn
  webpacker
  zxing_cpp

BUNDLED WITH
   1.17.3
