GIT
  remote: git://github.com/rails/prototype_legacy_helper.git
  revision: a2cd95c3e3c1a4f7a9566efdab5ce59c886cb05f
  specs:
    prototype_legacy_helper (0.0.0)

GEM
  remote: http://rubygems.org/
  specs:
    abstract (1.0.0)
    actionmailer (3.0.14)
      actionpack (= 3.0.14)
      mail (~> 2.2.19)
    actionpack (3.0.14)
      activemodel (= 3.0.14)
      activesupport (= 3.0.14)
      builder (~> 2.1.2)
      erubis (~> 2.6.6)
      i18n (~> 0.5.0)
      rack (~> 1.2.5)
      rack-mount (~> 0.6.14)
      rack-test (~> 0.5.7)
      tzinfo (~> 0.3.23)
    activemodel (3.0.14)
      activesupport (= 3.0.14)
      builder (~> 2.1.2)
      i18n (~> 0.5.0)
    activerecord (3.0.14)
      activemodel (= 3.0.14)
      activesupport (= 3.0.14)
      arel (~> 2.0.10)
      tzinfo (~> 0.3.23)
    activeresource (3.0.14)
      activemodel (= 3.0.14)
      activesupport (= 3.0.14)
    activesupport (3.0.14)
    arel (2.0.10)
    builder (2.1.2)
    columnize (0.3.6)
    dynamic_form (1.1.4)
    erubis (2.6.6)
      abstract (>= 1.0.0)
    exception_notification (2.6.1)
      actionmailer (>= 3.0.4)
    faker (1.0.1)
      i18n (~> 0.4)
    fastercsv (1.5.5)
    i18n (0.5.0)
    json (1.7.3)
    kgio (2.7.4)
    linecache (0.46)
      rbx-require-relative (> 0.0.4)
    machinist (1.0.6)
    mail (2.2.19)
      activesupport (>= 2.3.6)
      i18n (>= 0.4.0)
      mime-types (~> 1.16)
      treetop (~> 1.4.8)
    metaclass (0.0.1)
    mime-types (1.18)
    mocha (0.11.4)
      metaclass (~> 0.0.1)
    mysql2 (0.2.18)
    pg (0.13.2)
    polyglot (0.3.3)
    rack (1.2.5)
    rack-mount (0.6.14)
      rack (>= 1.0.0)
    rack-test (0.5.7)
      rack (>= 1.0)
    railroady (1.0.7)
    rails (3.0.14)
      actionmailer (= 3.0.14)
      actionpack (= 3.0.14)
      activerecord (= 3.0.14)
      activeresource (= 3.0.14)
      activesupport (= 3.0.14)
      bundler (~> 1.0)
      railties (= 3.0.14)
    railties (3.0.14)
      actionpack (= 3.0.14)
      activesupport (= 3.0.14)
      rake (>= 0.8.7)
      rdoc (~> 3.4)
      thor (~> 0.14.4)
    raindrops (0.10.0)
    rake (0.9.2.2)
    rbx-require-relative (0.0.9)
    rcov (1.0.0)
    rdoc (3.12)
      json (~> 1.4)
    rghost (0.8.7.8)
    routing-filter (0.3.1)
      actionpack
    ruby-debug (0.10.4)
      columnize (>= 0.1)
      ruby-debug-base (~> 0.10.4.0)
    ruby-debug-base (0.10.4)
      linecache (>= 0.3)
    rubyzip (0.9.8)
    shoulda (3.0.1)
      shoulda-context (~> 1.0.0)
      shoulda-matchers (~> 1.0.0)
    shoulda-context (1.0.0)
    shoulda-matchers (1.0.0)
    sqlite3 (1.3.6)
    thor (0.14.6)
    time-warp (1.0.12)
    treetop (1.4.10)
      polyglot
      polyglot (>= 0.3.1)
    tzinfo (0.3.33)
    unicorn (4.3.1)
      kgio (~> 2.6)
      rack
      raindrops (~> 0.7)
    will_paginate (3.0.3)
    ya2yaml (0.31)

PLATFORMS
  ruby

DEPENDENCIES
  dynamic_form
  exception_notification
  faker
  fastercsv
  i18n
  machinist (< 2)
  mocha
  mysql2 (< 0.3)
  pg
  prototype_legacy_helper (= 0.0.0)!
  railroady
  rails
  rcov
  rdoc
  rghost
  routing-filter
  ruby-debug
  rubyzip
  shoulda
  sqlite3
  time-warp
  unicorn
  will_paginate
  ya2yaml
