GEM
  remote: http://rubygems.org/
  specs:
    actionmailer (2.3.8)
      actionpack (= 2.3.8)
    actionpack (2.3.8)
      activesupport (= 2.3.8)
      rack (~> 1.1.0)
    activerecord (2.3.8)
      activesupport (= 2.3.8)
    activeresource (2.3.8)
      activesupport (= 2.3.8)
    activesupport (2.3.8)
    cgi_multipart_eof_fix (2.5.0)
    columnize (0.3.1)
    daemons (1.1.0)
    db_populate (0.2.6)
    factory_data_preloader (0.5.2)
    faker (0.3.1)
    fastercsv (1.5.3)
    fastthread (1.0.7)
    gem_plugin (0.2.3)
    i18n (0.4.1)
    linecache (0.43)
    machinist (1.0.6)
    mocha (0.9.8)
      rake
    mongrel (1.1.5)
      cgi_multipart_eof_fix (>= 2.4)
      daemons (>= 1.0.3)
      fastthread (>= 1.0.1)
      gem_plugin (>= 0.2.3)
    mongrel_cluster (1.0.5)
      gem_plugin (>= 0.2.3)
      mongrel (>= 1.0.2)
    rack (1.1.0)
    rails (2.3.8)
      actionmailer (= 2.3.8)
      actionpack (= 2.3.8)
      activerecord (= 2.3.8)
      activeresource (= 2.3.8)
      activesupport (= 2.3.8)
      rake (>= 0.8.3)
    rake (0.8.7)
    ruby-debug (0.10.3)
      columnize (>= 0.1)
      ruby-debug-base (~> 0.10.3.0)
    ruby-debug-base (0.10.3)
      linecache (>= 0.3)
    rubyzip (0.9.4)
    selenium-client (1.2.18)
    shoulda (2.11.3)
    sqlite3-ruby (1.3.1)
    time-warp (1.0.7)
    will_paginate (2.3.15)
    ya2yaml (0.30)

PLATFORMS
  ruby

DEPENDENCIES
  db_populate
  factory_data_preloader
  faker
  fastercsv
  i18n
  machinist
  mocha
  mongrel_cluster
  rails (= 2.3.8)
  ruby-debug
  rubyzip
  selenium-client (~> 1.2.15)
  shoulda
  sqlite3-ruby
  time-warp
  will_paginate
  ya2yaml
