PATH
  remote: .
  specs:
    shoulda-context (3.0.0.rc1)

GEM
  remote: https://rubygems.org/
  specs:
    appraisal (2.2.0)
      bundler
      rake
      thor (>= 0.14.0)
    ast (2.4.0)
    byebug (10.0.2)
    coderay (1.1.2)
    jaro_winkler (1.5.4)
    m (1.5.1)
      method_source (>= 0.6.7)
      rake (>= 0.9.2.2)
    method_source (0.9.2)
    minitest (5.14.0)
    mocha (1.11.2)
    parallel (1.19.1)
    parser (2.7.1.0)
      ast (~> 2.4.0)
    power_assert (1.1.7)
    pry (0.12.2)
      coderay (~> 1.1.0)
      method_source (~> 0.9.0)
    pry-byebug (3.6.0)
      byebug (~> 10.0)
      pry (~> 0.10)
    rainbow (3.0.0)
    rake (13.0.1)
    rubocop (0.71.0)
      jaro_winkler (~> 1.5.1)
      parallel (~> 1.10)
      parser (>= 2.6)
      rainbow (>= 2.2.2, < 4.0)
      ruby-progressbar (~> 1.7)
      unicode-display_width (>= 1.4.0, < 1.7)
    ruby-progressbar (1.10.1)
    snowglobe (0.3.0)
    test-unit (3.3.5)
      power_assert
    thor (1.0.1)
    unicode-display_width (1.6.1)
    warnings_logger (0.1.1)

PLATFORMS
  ruby

DEPENDENCIES
  appraisal
  bundler (~> 1.0)
  byebug
  m
  minitest
  mocha
  pry (~> 0.12.0)
  pry-byebug (~> 3.6.0)
  rake
  rubocop (= 0.71.0)
  shoulda-context!
  snowglobe (>= 0.3.0)
  test-unit
  warnings_logger

BUNDLED WITH
   1.17.3
